GEM
  remote: https://rubygems.org/
  specs:
    addressable (2.3.8)
    blankslate (2.1.2.4)
    classifier-reborn (2.0.3)
      fast-stemmer (~> 1.0)
    coffee-script (2.4.1)
      coffee-script-source
      execjs
    coffee-script-source (1.9.1.1)
    colorator (0.1)
    commonjs (0.2.7)
    css_press (0.3.2)
      csspool-st (= 3.1.2)
      json
    csspool-st (3.1.2)
    execjs (2.6.0)
    faraday (0.9.1)
      multipart-post (>= 1.2, < 3)
    fast-stemmer (1.0.2)
    ffi (1.9.10)
    html_press (0.8.2)
      htmlentities
      multi_css (>= 0.1.0)
      multi_js (>= 0.1.0)
    htmlentities (4.3.4)
    jekyll (2.5.3)
      classifier-reborn (~> 2.0)
      colorator (~> 0.1)
      jekyll-coffeescript (~> 1.0)
      jekyll-gist (~> 1.0)
      jekyll-paginate (~> 1.0)
      jekyll-sass-converter (~> 1.0)
      jekyll-watch (~> 1.1)
      kramdown (~> 1.3)
      liquid (~> 2.6.1)
      mercenary (~> 0.3.3)
      pygments.rb (~> 0.6.0)
      redcarpet (~> 3.1)
      safe_yaml (~> 1.0)
      toml (~> 0.1.0)
    jekyll-coffeescript (1.0.1)
      coffee-script (~> 2.2)
    jekyll-gist (1.3.4)
    jekyll-paginate (1.1.0)
    jekyll-press (0.2.1)
      html_press (>= 0.8.2)
      jekyll
      multi_css (>= 0.1.0)
      multi_js (>= 0.1.0)
    jekyll-sass-converter (1.3.0)
      sass (~> 3.2)
    jekyll-watch (1.3.0)
      listen (~> 3.0)
    json (1.8.3)
    kramdown (1.8.0)
    less (2.6.0)
      commonjs (~> 0.2.7)
    libv8 (3.16.14.11)
    liquid (2.6.3)
    listen (3.0.3)
      rb-fsevent (>= 0.9.3)
      rb-inotify (>= 0.9)
    mercenary (0.3.5)
    multi_css (0.1.0)
      css_press
    multi_js (0.1.0)
      uglifier (~> 2)
    multipart-post (2.0.0)
    netrc (0.10.3)
    octokit (4.1.1)
      sawyer (~> 0.6.0, >= 0.5.3)
    parslet (1.5.0)
      blankslate (~> 2.0)
    posix-spawn (0.3.11)
    pygments.rb (0.6.3)
      posix-spawn (~> 0.3.6)
      yajl-ruby (~> 1.2.0)
    rb-fsevent (0.9.6)
    rb-inotify (0.9.5)
      ffi (>= 0.5.0)
    redcarpet (3.3.2)
    ref (2.0.0)
    safe_yaml (1.0.4)
    sass (3.4.18)
    sawyer (0.6.0)
      addressable (~> 2.3.5)
      faraday (~> 0.8, < 0.10)
    therubyracer (0.12.2)
      libv8 (~> 3.16.14.0)
      ref
    toml (0.1.2)
      parslet (~> 1.5.0)
    uglifier (2.7.2)
      execjs (>= 0.3.0)
      json (>= 1.8.0)
    yajl-ruby (1.2.1)

PLATFORMS
  ruby

DEPENDENCIES
  jekyll
  jekyll-press
  less
  netrc
  octokit
  therubyracer
